GEM
  remote: https://rubygems.org/
  specs:
    celluloid (0.15.2)
      timers (~> 1.1.0)
    coderay (1.1.0)
    ffi (1.13.1)
    ffi (1.13.1-java)
    method_source (0.8.2)
    parallel (1.4.1)
    pry (0.10.1)
      coderay (~> 1.1.0)
      method_source (~> 0.8.1)
      slop (~> 3.4)
    pry (0.10.1-java)
      coderay (~> 1.1.0)
      method_source (~> 0.8.1)
      slop (~> 3.4)
      spoon (~> 0.0)
    slop (3.6.0)
    spoon (0.0.4)
      ffi
    timers (1.1.0)

PLATFORMS
  java
  ruby

DEPENDENCIES
  celluloid
  parallel
  pry
